GEM
  remote: https://rubygems.org/
  specs:
    artii (2.0.3)
    cinch (2.0.7)
    coderay (1.0.9)
    method_source (0.8.2)
    mime-types (1.25)
    pry (0.9.12.2)
      coderay (~> 1.0.5)
      method_source (~> 0.8)
      slop (~> 3.4)
    rest-client (1.6.7)
      mime-types (>= 1.16)
    slop (3.4.6)

PLATFORMS
  ruby

DEPENDENCIES
  artii
  cinch
  pry
  rest-client
